PATH
  remote: .
  specs:
    s3 (0.3.5)
      proxies

GEM
  remote: http://rubygems.org/
  specs:
    mocha (0.9.8)
      rake
    proxies (0.2.1)
    rake (0.8.7)
    test-unit (2.1.1)

PLATFORMS
  ruby

DEPENDENCIES
  bundler (>= 1.0.0)
  mocha
  proxies
  s3!
  test-unit (>= 2.0)
